GEM
  remote: https://rubygems.org/
  specs:
    httparty (0.15.6)
      multi_xml (>= 0.5.2)
    mini_portile2 (2.3.0)
    multi_xml (0.6.0)
    nokogiri (1.8.4)
      mini_portile2 (~> 2.3.0)
    rack (1.6.8)
    rack-protection (1.5.3)
      rack
    sinatra (1.4.8)
      rack (~> 1.5)
      rack-protection (~> 1.4)
      tilt (>= 1.3, < 3)
    tilt (2.0.8)

PLATFORMS
  ruby

DEPENDENCIES
  httparty
  nokogiri
  sinatra

BUNDLED WITH
   1.15.3
